GEM
  remote: https://rubygems.org/
  specs:
    addressable (2.3.8)
    guillotine (1.4.2)
      addressable (~> 2.3.0)
      sinatra (~> 1.4.0)
    rack (1.6.13)
    rack-protection (1.5.5)
      rack
    redis (3.0.1)
    sinatra (1.4.8)
      rack (~> 1.5)
      rack-protection (~> 1.4)
      tilt (>= 1.3, < 3)
    tilt (2.0.10)

PLATFORMS
  ruby

DEPENDENCIES
  guillotine (= 1.4.2)
  redis

RUBY VERSION
   ruby 2.6.6p146

BUNDLED WITH
   2.1.4
